GEM
  remote: http://rubygems.org/
  specs:
    CFPropertyList (2.2.0)
    activemodel (3.2.13)
      activesupport (= 3.2.13)
      builder (~> 3.0.0)
    activerecord (3.2.13)
      activemodel (= 3.2.13)
      activesupport (= 3.2.13)
      arel (~> 3.0.2)
      tzinfo (~> 0.3.29)
    activerecord-oracle_enhanced-adapter (1.4.2)
    activesupport (3.2.13)
      i18n (= 0.6.1)
      multi_json (~> 1.0)
    arel (3.0.2)
    awesome_print (1.1.0)
    blankslate (2.1.2.4)
    builder (3.0.4)
    calabash-android (0.4.6)
      awesome_print
      cucumber
      json
      retriable
      rubyzip
      slowhandcuke
    calabash-common (0.0.1)
      cucumber (~> 1.3.0)
    calabash-cucumber (0.9.150)
      CFPropertyList
      awesome_print
      bundler (~> 1.1)
      calabash-common (~> 0.0.1)
      cucumber (~> 1.3.0)
      edn
      httpclient (~> 2.3.3)
      json
      location-one (~> 0.0.10)
      run_loop (~> 0.0.15)
      sim_launcher (= 0.4.6)
      slowhandcuke
    chronic (0.9.1)
    cucumber (1.3.2)
      builder (>= 2.1.2)
      diff-lcs (>= 1.1.3)
      gherkin (~> 2.12.0)
      multi_json (~> 1.3)
    diff-lcs (1.2.4)
    edn (1.0.2)
      parslet (~> 1.4.0)
    geocoder (1.1.8)
    gherkin (2.12.0)
      multi_json (~> 1.3)
    httpclient (2.3.3)
    i18n (0.6.1)
    json (1.8.0)
    location-one (0.0.10)
      geocoder (~> 1.1)
      httpclient (~> 2.3.3)
      json
    multi_json (1.7.7)
    parslet (1.4.0)
      blankslate (~> 2.0)
    rack (1.5.2)
    rack-protection (1.5.0)
      rack
    retriable (1.3.3)
    ruby-oci8 (2.1.5)
    rubyzip (0.9.9)
    run_loop (0.0.15)
      json
      thor
    sim_launcher (0.4.6)
      sinatra
    sinatra (1.4.3)
      rack (~> 1.4)
      rack-protection (~> 1.4)
      tilt (~> 1.3, >= 1.3.4)
    slowhandcuke (0.0.3)
      cucumber
    thor (0.18.1)
    tilt (1.4.1)
    tzinfo (0.3.37)

PLATFORMS
  ruby

DEPENDENCIES
  activerecord (= 3.2.13)
  activerecord-oracle_enhanced-adapter
  calabash-android
  calabash-cucumber
  chronic
  ruby-oci8
