GEM
  remote: http://rubygems.org/
  specs:
    activemodel (3.2.13)
      activesupport (= 3.2.13)
      builder (~> 3.0.0)
    activerecord (3.2.13)
      activemodel (= 3.2.13)
      activesupport (= 3.2.13)
      arel (~> 3.0.2)
      tzinfo (~> 0.3.29)
    activerecord-oracle_enhanced-adapter (1.4.2)
    activesupport (3.2.13)
      i18n (= 0.6.1)
      multi_json (~> 1.0)
    arel (3.0.2)
    awesome_print (1.9.2)
    backports (3.24.1)
    builder (3.0.4)
    calabash-android (0.4.6)
      awesome_print
      cucumber
      json
      retriable
      rubyzip
      slowhandcuke
    calabash-cucumber (0.23.7)
      awesome_print
      clipboard
      cucumber
      edn
      geocoder
      httpclient
      json
      run_loop (>= 4.2, < 5.0)
      slowhandcuke
    chronic (0.9.1)
    clipboard (1.3.6)
    command_runner_ng (0.1.4)
    cucumber (3.2.0)
      builder (>= 2.1.2)
      cucumber-core (~> 3.2.0)
      cucumber-expressions (~> 6.0.1)
      cucumber-wire (~> 0.0.1)
      diff-lcs (~> 1.3)
      gherkin (~> 5.1.0)
      multi_json (>= 1.7.5, < 2.0)
      multi_test (>= 0.1.2)
    cucumber-core (3.2.1)
      backports (>= 3.8.0)
      cucumber-tag_expressions (~> 1.1.0)
      gherkin (~> 5.0)
    cucumber-expressions (6.0.1)
    cucumber-tag_expressions (1.1.1)
    cucumber-wire (0.0.1)
    diff-lcs (1.5.0)
    edn (1.1.1)
    geocoder (1.8.2)
    gherkin (5.1.0)
    httpclient (2.8.3)
    i18n (0.6.1)
    json (2.6.3)
    multi_json (1.15.0)
    multi_test (1.1.0)
    retriable (1.3.3)
    ruby-oci8 (2.1.5)
    rubyzip (0.9.9)
    run_loop (4.9.1)
      awesome_print
      command_runner_ng
      httpclient
      i18n
      json
      thor
    slowhandcuke (0.0.3)
      cucumber
    thor (1.2.2)
    tzinfo (0.3.37)

PLATFORMS
  ruby

DEPENDENCIES
  activerecord (= 3.2.13)
  activerecord-oracle_enhanced-adapter (= 1.4.2)
  calabash-android
  calabash-cucumber (>= 0.19.0)
  chronic
  ruby-oci8

BUNDLED WITH
   2.1.4
